GEM
  remote: https://rubygems.org/
  specs:
    aws-sdk (2.0.33)
      aws-sdk-resources (= 2.0.33)
    aws-sdk-core (2.0.33)
      builder (~> 3.0)
      jmespath (~> 1.0)
      multi_json (~> 1.0)
      multi_xml (~> 0.5)
    aws-sdk-resources (2.0.33)
      aws-sdk-core (= 2.0.33)
    builder (3.2.2)
    jmespath (1.0.2)
      multi_json (~> 1.0)
    multi_json (1.11.0)
    multi_xml (0.5.5)
    puma (2.11.1)
      rack (>= 1.1, < 2.0)
    rack (1.6.0)

PLATFORMS
  ruby

DEPENDENCIES
  aws-sdk (~> 2)
  puma (~> 2.11.1)
  rack (~> 1.6.0)
